GEM
  remote: https://rubygems.org/
  specs:
    addressable (2.3.8)
    buftok (0.2.0)
    dotenv (2.0.1)
    equalizer (0.0.11)
    faraday (0.9.1)
      multipart-post (>= 1.2, < 3)
    foreman (0.78.0)
      thor (~> 0.19.1)
    http (0.6.4)
      http_parser.rb (~> 0.6.0)
    http_parser.rb (0.6.0)
    json (1.8.2)
    keen (0.8.10)
      addressable (~> 2.3.5)
      multi_json (~> 1.3)
    memoizable (0.4.2)
      thread_safe (~> 0.3, >= 0.3.1)
    mina (0.3.4)
      open4 (~> 1.3.4)
      rake
    multi_json (1.11.0)
    multipart-post (2.0.0)
    naught (1.0.0)
    open4 (1.3.4)
    rake (10.4.2)
    simple_oauth (0.3.1)
    thor (0.19.1)
    thread_safe (0.3.5)
    twitter (5.14.0)
      addressable (~> 2.3)
      buftok (~> 0.2.0)
      equalizer (~> 0.0.9)
      faraday (~> 0.9.0)
      http (~> 0.6.0)
      http_parser.rb (~> 0.6.0)
      json (~> 1.8)
      memoizable (~> 0.4.0)
      naught (~> 1.0)
      simple_oauth (~> 0.3.0)

PLATFORMS
  ruby

DEPENDENCIES
  dotenv
  foreman
  keen
  mina
  twitter
